PATH
  remote: .
  specs:
    ordered-active-record (0.3.0)

GEM
  remote: http://rubygems.org/
  specs:

PLATFORMS
  ruby

DEPENDENCIES
  ordered-active-record!
